GEM
  remote: https://rubygems.org/
  specs:
    firebase (0.2.6)
      httpclient
      json
    httpclient (2.8.2.3)
    json (2.0.2)
    puma (3.6.0)
    rack (1.6.4)
    rack-protection (1.5.3)
      rack
    sinatra (1.4.7)
      rack (~> 1.5)
      rack-protection (~> 1.4)
      tilt (>= 1.3, < 3)
    tilt (2.0.5)

PLATFORMS
  ruby

DEPENDENCIES
  firebase
  puma
  sinatra

BUNDLED WITH
   1.12.5
